GIT
  remote: git://github.com/risk-io/slackr.git
  revision: 759219c5f745d21b67e622f377d6e09360a7f939
  specs:
    slackr (0.0.6)
      multipart-post (~> 2.0.0)

GEM
  specs:
    json (1.8.1)
    multipart-post (2.0.0)
    rack (1.5.2)
    rack-protection (1.5.3)
      rack
    sinatra (1.4.6)
      rack (~> 1.4)
      rack-protection (~> 1.4)
      tilt (>= 1.3, < 3)
    tilt (1.4.1)

PLATFORMS
  ruby

DEPENDENCIES
  json
  sinatra
  slackr!
